PATH
  remote: .
  specs:
    smackr (0.0.1-java)

GEM
  remote: http://rubygems.org/
  specs:

PLATFORMS
  java
  ruby

DEPENDENCIES
  smackr!
